GEM
  remote: https://rubygems.org/
  specs:
    ethon (0.7.1)
      ffi (>= 1.3.0)
    ffi (1.9.5)
    firebase (0.2.2)
      json
      typhoeus (>= 0.6.1)
    json (1.8.1)
    pi_piper (1.3.2)
      ffi
    typhoeus (0.6.9)
      ethon (>= 0.7.1)

PLATFORMS
  ruby

DEPENDENCIES
  firebase
  pi_piper
